PATH
  remote: .
  specs:
    sisyphus-for-medusa (1.0.1)
      haml (>= 5.0.0)
      medusa_rest_client (~> 0.1)
      sinatra (~> 1.4)
      sinatra-contrib (~> 1.4)

GEM
  remote: https://rubygems.org/
  remote: http://dream.misasa.okayama-u.ac.jp/rubygems/
  specs:
    activemodel (6.1.0)
      activesupport (= 6.1.0)
    activemodel-serializers-xml (1.0.2)
      activemodel (> 5.x)
      activesupport (> 5.x)
      builder (~> 3.1)
    activeresource (5.1.1)
      activemodel (>= 5.0, < 7)
      activemodel-serializers-xml (~> 1.0)
      activesupport (>= 5.0, < 7)
    activesupport (6.1.0)
      concurrent-ruby (~> 1.0, >= 1.0.2)
      i18n (>= 1.6, < 2)
      minitest (>= 5.1)
      tzinfo (~> 2.0)
      zeitwerk (~> 2.3)
    backports (3.18.2)
    builder (3.2.4)
    coderay (1.1.3)
    concurrent-ruby (1.1.7)
    diff-lcs (1.4.4)
    factory_girl (4.9.0)
      activesupport (>= 3.0.0)
    fakeweb (1.3.0)
    fakeweb-matcher (1.2.4)
      fakeweb (>= 1.2.5)
      rspec (>= 1.2.0)
    gli (2.19.2)
    haml (5.2.1)
      temple (>= 0.8.0)
      tilt
    i18n (1.8.5)
      concurrent-ruby (~> 1.0)
    medusa_rest_client (0.2.0)
      activeresource (~> 5.1)
      gli (~> 2.12)
      pry (~> 0.9)
      rails-observers
    method_source (1.0.0)
    minitest (5.14.2)
    multi_json (1.15.0)
    pry (0.13.1)
      coderay (~> 1.1)
      method_source (~> 1.0)
    rack (1.6.13)
    rack-protection (1.5.5)
      rack
    rack-test (0.8.3)
      rack (>= 1.0, < 3)
    rails-observers (0.1.5)
      activemodel (>= 4.0)
    rake (13.0.1)
    rspec (2.14.0)
      rspec-core (~> 2.14.0)
      rspec-expectations (~> 2.14.0)
      rspec-mocks (~> 2.14.0)
    rspec-core (2.14.8)
    rspec-expectations (2.14.5)
      diff-lcs (>= 1.1.3, < 2.0)
    rspec-mocks (2.14.6)
    sinatra (1.4.8)
      rack (~> 1.5)
      rack-protection (~> 1.4)
      tilt (>= 1.3, < 3)
    sinatra-contrib (1.4.7)
      backports (>= 2.0)
      multi_json
      rack-protection
      rack-test
      sinatra (~> 1.4.0)
      tilt (>= 1.3, < 3)
    temple (0.8.2)
    tilt (2.0.10)
    tzinfo (2.0.3)
      concurrent-ruby (~> 1.0)
    zeitwerk (2.4.2)

PLATFORMS
  ruby

DEPENDENCIES
  bundler
  factory_girl (~> 4.4)
  fakeweb (~> 1.3)
  fakeweb-matcher (~> 1.2)
  rack-test (~> 0.0)
  rake (>= 12.3.3)
  rspec (= 2.14)
  sisyphus-for-medusa!

BUNDLED WITH
   2.1.4
